GIT
  remote: https://github.com/lacostej/u3d
  revision: 8522c3bfe7f2556ed4a7b0110ea6f5e1347df3b4
  branch: u3dcache
  specs:
    u3d (1.0.13)
      colored (>= 1.2, < 2.0.0)
      commander (>= 4.4.0, < 5.0.0)
      file-tail (>= 1.2.0)
      filesize (>= 0.1.1)
      inifile (>= 3.0.0, < 4.0.0)
      plist (>= 3.1.0, < 4.0.0)
      security (= 0.1.3)

GEM
  remote: https://rubygems.org/
  specs:
    colored (1.2)
    commander (4.4.3)
      highline (~> 1.7.2)
    file-tail (1.2.0)
      tins (~> 1.0)
    filesize (0.1.1)
    highline (1.7.10)
    inifile (3.0.0)
    plist (3.4.0)
    rake (12.3.0)
    security (0.1.3)
    tins (1.16.3)

PLATFORMS
  ruby

DEPENDENCIES
  rake
  u3d!

BUNDLED WITH
   1.16.1
