GIT
  remote: https://github.com/DragonBox/u3d
  revision: 23603bd8a0a3dd596270b30a0f5dcb021402625f
  specs:
    u3d (1.1.3)
      colored (>= 1.2, < 2.0.0)
      commander (>= 4.4.0, < 5.0.0)
      file-tail (>= 1.2.0)
      filesize (>= 0.1.1)
      inifile (>= 3.0.0, < 4.0.0)
      plist (>= 3.1.0, < 4.0.0)
      security (= 0.1.3)

GEM
  remote: https://rubygems.org/
  specs:
    colored (1.2)
    commander (4.4.7)
      highline (~> 2.0.0)
    file-tail (1.2.0)
      tins (~> 1.0)
    filesize (0.2.0)
    highline (2.0.0)
    inifile (3.0.0)
    plist (3.5.0)
    rake (12.3.1)
    security (0.1.3)
    tins (1.20.2)

PLATFORMS
  ruby
  x64-mingw32

DEPENDENCIES
  rake
  u3d!

BUNDLED WITH
   1.16.2
