GIT
  remote: https://github.com/DragonBox/u3d
  revision: 7499333c1427a057d1c14957256e38434225c0a3
  specs:
    u3d (1.0.15)
      colored (>= 1.2, < 2.0.0)
      commander (>= 4.4.0, < 5.0.0)
      file-tail (>= 1.2.0)
      filesize (>= 0.1.1)
      inifile (>= 3.0.0, < 4.0.0)
      plist (>= 3.1.0, < 4.0.0)
      security (= 0.1.3)

GEM
  remote: https://rubygems.org/
  specs:
    colored (1.2)
    commander (4.4.4)
      highline (~> 1.7.2)
    file-tail (1.2.0)
      tins (~> 1.0)
    filesize (0.1.1)
    highline (1.7.10)
    inifile (3.0.0)
    plist (3.4.0)
    rake (12.3.0)
    security (0.1.3)
    tins (1.16.3)

PLATFORMS
  ruby
  x64-mingw32

DEPENDENCIES
  rake
  u3d!

BUNDLED WITH
   1.16.1
